PATH
  remote: .
  specs:
    esapad (0.2.0)
      denv
      esa
      json

GEM
  remote: https://rubygems.org/
  specs:
    byebug (9.0.6)
    coderay (1.1.1)
    denv (0.2.5)
    esa (1.8.0)
      faraday (~> 0.9)
      faraday_middleware
      mime-types (~> 2.6)
      multi_xml (~> 0.5.5)
    faraday (0.12.2)
      multipart-post (>= 1.2, < 3)
    faraday_middleware (0.12.0)
      faraday (>= 0.7.4, < 1.0)
    json (2.1.0)
    method_source (0.8.2)
    mime-types (2.99.3)
    multi_xml (0.5.5)
    multipart-post (2.0.0)
    pry (0.10.4)
      coderay (~> 1.1.0)
      method_source (~> 0.8.1)
      slop (~> 3.4)
    pry-byebug (3.4.2)
      byebug (~> 9.0)
      pry (~> 0.10)
    rake (12.0.0)
    slop (3.6.0)

PLATFORMS
  ruby

DEPENDENCIES
  bundler (~> 1.15)
  esapad!
  pry
  pry-byebug
  rake (~> 12.0)

BUNDLED WITH
   1.15.3
